lifrq 1 1 1000000000 -1000000000 0 4 1 0 1 64
7 4184.7535823 3445.32962737 3445.32962737 2811.537666 2811.537666 2072.11371107 0 
0 
dpwr 7 1 9 9 9 2 1 8194 1 64
1 41 
0 
deltaone 1 1 9.99999984307e+17 -9.99999984307e+17 0 2 1 0 1 64
1 0 
0 
crf 1 1 9.99999984307e+17 -9.99999984307e+17 0 4 1 0 1 64
1 0 
0 
axisf 4 2 4 0 0 4 1 0 1 64
1 "s"
4 "m" "n" "s" "u" 
arraydim 7 1 32768 1 1 2 1 5 1 64
1 4000 
0 
aig 2 2 2 0 0 4 1 1 1 64
1 "ai"
2 "nm" "ai" 
acqstatus 7 1 32767 0 0 2 1 0 1 64
2 101 0 
0 
acqdim 7 1 1000000000 -1000000000 0 2 1 0 1 64
1 2 
0 
acqcycles 1 1 9.99999984307e+17 -9.99999984307e+17 0 2 1 0 1 64
1 4000 
0 
acqpath 2 2 8 0 0 2 1 0 1 64
1 ""
0 
actionid 2 2 8 0 0 4 1 0 1 64
1 "null"
0 
alock 2 2 8 0 0 2 1 0 1 64
1 "n"
5 "a" "n" "s" "u" "y" 
alfa 6 1 8192 -8192 1e-07 2 1 8194 1 64
1 6.6 
0 
apptype 2 2 8 0 0 4 1 0 1 64
1 "hmqc_CH3_exchange_bigprotein_800_lek_v2"
0 
ap 2 2 1023 0 0 4 1 6 1 64
1 "1:SAMPLE:date,solvent,file;1:3D ACQUISITION:sw:1,sw1:1,sw2:1,ni:0,ni2:0,phase:0,phase2:0,at:3,np:0,ss:0,nt:0,ct:0;1:CHANNEL 1:sfrq:3,tn,tof:1,tpwr:0,mlevpwr:0,tsatpwr:0,pw:1,pwmlev:1;1:CHANNEL 2:dfrq:3,dn,dof:1,dpwr:0,dlowpwr:0,pwx1:1,dm,dmm,dmf:0,dseq,homo;2:DELAYS:d1:3,d2:3,d3:3,hscuba:3,mixnoe:3,mixshift:3,mixmlev:3,trim:3,jxh:1;1:FLAGS:fscuba,fmlev,fnoesy,dp,hs;2:2D DISPLAY:sp1:1,wp1:1,sc2:0,wc2:0,rfl1:1,rfp1:1;2:DEC. & VT:dn:2,dof:1,dm,dmm,dmf,dpwr(dpwr):0,pwxlvl:0,pwx:1,dlp(dlp):0,homo,temp(temp):1,satflg,satdly:3,satfrq:1,satpwr:0;2:PROCESSING:cf(nf):0,lb(lb):2,sb(sb):3,sbs(sb):3,gf(gf):3,gfs(gf):3,awc(awc):3,lsfid(lsfid):0,phfid(phfid):1,wtfile,proc,fn:0,math,,werr,wexp,wbs,wnt;2(ni):2D PROCESSING:lb1(lb1):2,sb1(sb1):3,sbs1(sb1):3,gf1(gf1):3,gfs1(gf1):3,awc1(awc1):3,wtfile1,proc1,fn1:0;2:DISPLAY:sp:1,wp:1,vs:0,sc:0,wc:0,hzmm:2,is:2,rfl:1,rfp:1,th:0,ins:3,aig*,dcg*,dmg*;"
0 
array 2 2 256 0 0 2 1 1 1 64
1 "phase,ncyc_cp"
0 
at 1 1 14 14 14 2 1 8203 1 64
1 0.0606208 
0 
arrayelemts 1 1 9.99999984307e+17 -9.99999984307e+17 0 2 1 0 1 64
1 3 
0 
awc1 1 1 1 -1 0.001 3 1 1 0 64
1 0 
0 
awc 1 1 1 -1 0.001 3 1 1 0 64
1 0 
0 
axis 4 2 4 0 0 4 1 0 1 64
1 "pd"
11 "c" "d" "1" "2" "3" "h" "k" "m" "n" "p" "u" 
console 2 2 8 0 0 2 1 0 1 64
1 "vnmrs"
0 
cf 7 1 32767 0 1 3 1 1 0 64
1 1 
0 
c13_de 3 1 14 14 14 2 1 8192 1 64
1 0.001 
0 
bs 7 1 32767 0 1 2 1 0 1 64
1 4 
0 
celem 1 1 9.99999984307e+17 -9.99999984307e+17 0 2 1 0 1 64
1 4000 
0 
cofrq 5 1 1000000000 -1000000000 0 2 1 0 1 64
1 10800 
0 
comment 2 2 8 0 0 3 1 0 1 64
1 ""
0 
cr 1 1 1000000000 -1000000000 0 4 1 1 1 64
1 6047.39253187 
0 
cp 2 2 1 0 0 2 1 0 1 64
1 "y"
2 "y" "n" 
cr1 1 1 1000000000 -1000000000 0 4 1 3 1 64
1 1972.17946235 
0 
decfrq 1 1 9.99999984307e+17 -9.99999984307e+17 0 2 1 0 1 64
1 -3000 
0 
date 2 2 9 0 0 2 1 1 1 64
1 "Dec 17 2013"
0 
d1 3 1 14 14 14 2 1 8194 1 64
1 1.5 
0 
cutoff 1 1 9.99999984307e+17 -9.99999984307e+17 0 4 1 0 0 64
1 200 
0 
ct 7 1 1000000000 0 1 2 1 6 1 64
1 8 
0 
dataProcessed 1 1 9.99999984307e+17 -9.99999984307e+17 0 3 1 0 1 64
1 0 
0 
d2 3 1 14 14 14 2 1 8194 1 64
1 0 
0 
dataid 2 2 8 0 0 2 1 0 1 64
1 ""
0 
dcg 2 2 3 0 0 4 1 1 1 64
1 ""
2 "dc" "cdc" 
dcapwr 7 1 77 0 1 2 1 0 1 64
1 64 
0 
datname 2 2 8 0 0 3 1 0 1 64
1 ""
0 
dcodpwr 7 1 61 0 0 2 1 0 1 64
1 57 
0 
dco90pwr 7 1 32767 0 0 2 1 0 1 64
1 52 
0 
dcrmv 4 2 9.99999984307e+17 -9.99999984307e+17 0 4 1 0 1 64
1 "n"
2 "y" "n" 
deltaf 1 1 100 0 0 4 1 0 1 64
1 0.00296542986425 
0 
delta1 1 1 9.99999984307e+17 -9.99999984307e+17 0 2 1 0 1 64
1 1107.67767042 
0 
delta 1 1 9.99999984307e+17 -9.99999984307e+17 0 2 1 0 1 64
1 828.335383436 
0 
deltafrq 5 1 1000000000 -1000000000 0 2 1 0 1 64
1 -19000 
0 
dmg1 2 2 8 0 0 4 1 0 1 64
1 ""
4 "" "av1" "ph1" "pwr1" 
dhipwr 1 1 9.99999984307e+17 -9.99999984307e+17 0 2 1 0 1 64
1 63 
0 
dg2 2 2 1023 0 0 4 1 7 1 64
1 "1:CHANNEL 2:dfrq:3,dn,dof:1,dpwr_cp:0,pwc_cp:1,dpwr:0,dseq,dm,dmm,dres,dmf;2:GRADIENTS:gt1:4,gzlvl1:0,gt2:4,gzlvl2:0,gt3:4,gzlvl3:0;"
0 
dfrq3 1 1 1000000000 0 0 2 1 9 1 64
1 0 
0 
dfrq 5 1 1000000000 -1000000000 0 2 1 8 1 64
1 150.821987 
0 
dfrq2 1 1 1000000000 0 0 2 1 9 1 64
1 60.7843151 
0 
dg 2 2 1023 0 0 4 1 6 1 64
1 "1:SAMPLE:date;1:3D ACQUISITION:sw:1,sw1:1,ni:0,phase:0,np:0,ss:0,nt:0,at:3;2:SPECIAL:gain,temp:1,ncyc_cp:0,seqfil,time_T2;2:DELAYS:taua:5,d1:3,d2:6,tin,vtwait;3:CHANNEL 1:sfrq:3,tn,tof:1,tof_me:1,tpwr:0,tsatpwr:0,tpwrsl:0,pw:2,pw_sl:2,shape_sl,alfa:1;3:FLAGS:fsat,fscuba,f1180,water_flg,small_protein_flg;4:CHANNEL 3:dfrq2:3,dn2,dof2:1,dpwr2:0,dm2,dmm2,dmf2,dseq2,dres2;"
0 
dg1 2 2 1023 0 0 4 1 6 1 64
1 "1:DISPLAY:sp:1,wp:1,vs:0;1:REFERENCE:rfl:1,rfp:1,cr:1,delta:1;1:PHASE:lp:1,rp:1,rp1(ni):1,lp1(ni):1;2:CHART:sc:0,wc:0,hzmm:2,vp:0,axis,pltmod,,th:0,,ho:2,vo:2,,rplot,trace:2;3(ni):2D:sp1:1,wp1:1,sc2:0,wc2:0,rfl1:1,rfp1:1;3:FLAGS:aig*,dcg*,dmg*;3:FID:sf:3,wf:3,vf:0;4:INTEGRAL:intmod,is:2,ins:3,io:0,,lvl:3,tlt:3;"
0 
dgs 2 2 1023 0 0 4 1 6 1 64
5 "1:AXIAL SHIMS:z1:0,z2:0,z3:0,z4:0,z5:0,z6:0;"
"2:NON AXIAL SHIMS:x1:0,y1:0,xz:0,yz:0,xy:0,x2y2:0,x3:0,y3:0,xz2:0,yz2:0,zxy:0,zx2y2:0,z3x:0,z3y:0,z2x2y2:0,z2xy:0;"
"3:NON AXIAL SHIMS:zx3:0,zy3:0,x4:0,y4:0,z4x:0,z4y:0,z3x2y2:0,z3xy:0,,z4x2y2:0,z4xy:0,z5x:0,z5y:0;"
"4:AUTOMATION:method,wshim,load,,spin:0,gain:0,alock,loc:0;"
"4:SPECIAL:temp;"
0 
dglp 2 2 8 0 0 4 1 7 1 64
1 "1(lpfilt):LP:lpalg,lpopt,lpfilt:0,lpnupts:0,strtlp:0,lpext:0,strtext:0;2(lpfilt1):LP 1:lpalg1,lpopt1,lpfilt1:0,lpnupts1:0,strtlp1:0,lpext1:0,strtext1:0;3(lpfilt2):LP 2:lpalg2,lpopt2,lpfilt2:0,lpnupts2:0,strtlp2:0,lpext2:0,strtext2:0;4:LP OUTPUT:lpprint(lpfilt):0,lptrace(lpfilt):0,lpprint1(lpfilt1):0,lptrace1(lpfilt1):0,lpprint2(lpfilt2):0,lptrace2(lpfilt2):0;"
0 
dh2pwr 7 1 77 0 1 2 1 0 1 64
1 0 
0 
dm 4 2 4 0 0 2 1 0 1 64
1 "nnny"
4 "a" "n" "s" "y" 
dlowpwr 7 1 32767 0 0 2 1 0 1 64
1 46 
0 
disCmd 2 2 8 0 0 4 1 0 1 64
1 ""
0 
dhp 1 1 9 9 9 2 1 8192 0 64
1 40 
0 
displaymode 4 2 9.99999984307e+17 -9.99999984307e+17 0 4 1 0 1 64
1 "r"
0 
dlp 7 1 10 10 10 2 1 8194 0 64
1 10 
0 
dmf 7 1 11 11 11 2 1 8194 1 64
1 10010 
0 
dm3 4 2 4 0 0 2 1 0 1 64
1 "n"
4 "a" "n" "s" "y" 
dm2 2 2 8 0 0 2 1 0 1 64
1 "nnnn"
0 
dmf3 7 1 2000000 1 0 2 1 2 1 64
1 7092 
0 
dmf2 7 1 100000 1 0 2 1 2 1 64
1 3759 
0 
dmg 2 2 2 0 0 4 1 3 1 64
1 "ph"
0 
dof 5 1 8 8 8 2 1 8202 1 64
1 -11679.2 
0 
dn 2 2 4 0 0 2 1 8 1 64
1 "C13"
0 
dmm2 2 2 8 0 0 2 1 0 1 64
1 "cccc"
0 
dmm 4 2 4 0 0 2 1 0 1 64
1 "cccg"
9 "c" "f" "g" "m" "p" "r" "u" "w" "x" 
dmm3 4 2 4 0 0 2 1 0 1 64
1 "c"
9 "c" "f" "g" "m" "p" "r" "u" "w" "x" 
dn3 2 2 8 0 0 2 1 8 1 64
1 ""
0 
dn2 2 2 8 0 0 2 1 8 1 64
1 "N15"
0 
dod 3 1 14 14 14 2 1 8194 1 64
1 0.00999999977648 
0 
dotflag 2 2 8 0 0 4 1 0 1 64
1 "n"
2 "n" "y" 
dof3 5 1 20 20 20 2 1 8202 1 64
1 0 
0 
dof2 5 1 16 16 16 2 1 8202 1 64
1 1336.80307854 
0 
dp 2 2 1 0 0 2 1 0 1 64
1 "y"
2 "y" "n" 
ho 1 1 500 -500 0 4 1 1 1 64
1 -132.5 
0 
filter 7 1 1000000000 0 1 2 1 2 1 64
1 54.0999984741 
0 
f1coef 2 2 8 0 0 3 1 1 1 64
1 "1 0 0 0 0 0 1 0"
0 
dres3 7 1 360 1 0 2 1 0 1 64
1 1 
0 
dpwrf 7 1 4095 0 1 2 1 2 0 64
1 4095 
0 
dpwr3 7 1 21 21 21 2 1 8194 1 64
1 1 
0 
dpwr2 7 1 18 18 18 2 1 8194 1 64
1 -16 
0 
dpwr_cp 1 1 9 9 9 2 1 8192 1 64
1 56 
0 
dres 7 1 360 1 0 2 1 0 1 64
1 1 
0 
dres2 7 1 360 1 0 2 1 0 1 64
1 90 
0 
dseq3 2 2 8 0 0 2 1 0 1 64
1 ""
0 
dseq2 2 2 8 0 0 2 1 0 1 64
1 "waltz16"
0 
dseq 2 2 8 0 0 2 1 0 1 64
1 "garp1"
0 
exppath 2 2 8 0 0 2 1 0 1 64
1 "/home/hw34/vnmrsys/exp28/acqfil"
0 
exp3D 2 2 8 0 0 2 1 0 1 64
1 "n"
0 
f1180 2 2 8 0 0 2 1 0 1 64
1 "y"
0 
fdfdir 2 2 8 0 0 3 1 0 1 64
1 ""
0 
fad2 2 2 8 0 0 2 1 0 1 64
1 "n"
0 
fad1 2 2 8 0 0 2 1 0 1 64
1 "y"
0 
fb 7 1 6 6 6 2 1 8203 1 64
1 7000 
0 
fidid 2 2 8 0 0 2 1 0 1 64
1 ""
0 
fdffile 2 2 8 0 0 3 1 0 1 64
1 ""
0 
file 2 2 6 0 0 2 1 3 1 64
1 "exp"
0 
gain 1 1 60 0 2 2 1 0 1 64
1 38 
0 
fpmult1 1 1 1000000000 0 0 3 1 0 0 64
1 0 
0 
fn 7 1 524288 64 -2 3 1 1 1 64
1 8192 
0 
flag3d 2 2 8 0 0 2 1 0 1 64
1 "y"
0 
filtfile 2 2 8 0 0 2 1 0 1 64
1 ""
0 
fmlev 4 2 4 0 0 2 1 0 1 64
1 "n"
0 
fnoesy 4 2 4 0 0 2 1 0 1 64
1 "n"
0 
fn1 7 1 524288 64 -2 3 1 1 1 64
1 1024 
0 
fpmult 1 1 1000000000 0 0 3 1 0 0 64
1 1 
0 
fscuba 4 2 4 0 0 2 1 0 1 64
1 "n"
0 
fsat 2 2 8 0 0 2 1 0 1 64
1 "n"
0 
ftproc 1 1 9.99999984307e+17 -9.99999984307e+17 0 3 1 256 1 64
2 1 0 
0 
gt0 3 1 32768 -32768 -1 2 1 8192 1 64
1 0.0005 
0 
gfs1 1 1 1000 -1000 0.001 3 1 1 0 64
1 0 
0 
gf1 1 1 100000 0 0 3 1 1 0 64
1 0.0050210384652 
0 
gf 1 1 100000 0 0 3 1 1 1 64
1 0.0404268167913 
0 
gfs 1 1 1000 -1000 0.001 3 1 1 1 64
1 0.00288762967102 
0 
gmapspin 2 2 8 0 0 2 1 0 1 64
1 "n"
2 "n" "y" 
gzlvl0 1 1 32768 -32768 1 2 1 0 1 64
1 4000 
0 
gt2 3 1 14 14 14 2 1 8192 1 64
1 0.0006 
0 
gt1 3 1 14 14 14 2 1 8192 1 64
1 0.001 
0 
gt3 3 1 14 14 14 2 1 8192 1 64
1 0.0002 
0 
gzlvl2 1 1 32768 -32768 1 2 1 0 1 64
1 20000 
0 
gzlvl1 1 1 32768 -32768 1 2 1 0 1 64
1 5000 
0 
gzlvl3 1 1 32768 -32768 1 2 1 0 1 64
1 -20000 
0 
insref 1 1 9.99999984307e+17 -9.99999984307e+17 0 4 1 0 0 64
1 1 
0 
hzmm 1 1 1000000000 -1000000000 0 4 1 11 1 64
1 1.88054265203 
0 
homo3 4 2 4 0 0 2 1 0 1 64
1 "n"
2 "n" "y" 
homo2 4 2 4 0 0 2 1 0 1 64
1 "n"
2 "n" "y" 
homo 2 2 8 0 0 2 1 8 1 64
1 "n"
2 "n" "y" 
hscuba 3 1 14 14 14 2 1 8192 1 64
1 0.03 
0 
hs 4 2 4 0 0 2 1 0 1 64
1 "nnyn"
2 "n" "y" 
hst 3 1 0.02 0 2.5e-08 2 1 2 1 64
1 0.01 
0 
ins 3 1 8190 0 1e-07 4 1 3 1 64
1 100 
0 
il 2 2 1 0 0 2 1 0 1 64
1 "y"
2 "y" "n" 
ident 2 2 8 0 0 3 1 0 1 64
1 ""
0 
in 4 2 1 0 0 2 1 0 1 64
1 "n"
3 "n" "w" "y" 
ins2ref 1 1 9.99999984307e+17 -9.99999984307e+17 0 4 1 0 0 64
1 1 
0 
ins2 1 1 9.99999984307e+17 -9.99999984307e+17 0 4 1 0 1 64
1 100 
0 
jxh 7 1 32767 0 0 2 1 0 1 64
1 105 
0 
io 1 1 500 -500 0.1 4 1 1 1 64
1 10 
0 
investigator 2 2 8 0 0 2 1 0 1 64
1 ""
0 
intmod 2 2 8 0 0 4 1 0 1 64
1 "off"
3 "off" "partial" "full" 
investigator_ 2 2 8 0 0 2 1 0 1 64
1 ""
0 
jcc 1 1 9.99999984307e+17 -9.99999984307e+17 0 2 1 0 1 64
1 75 
0 
is 1 1 1000000000 1e-06 0 4 1 3 1 64
1 4000 
0 
jnh 1 1 10000 80 0 2 1 1024 1 64
1 106 
0 
lcpeak_ 7 1 32767 0 0 2 1 32768 1 64
1 0 
0 
lb 1 1 100000 -100000 0 3 1 1 0 64
1 30 
0 
jxh2 1 1 9.99999984307e+17 -9.99999984307e+17 0 2 1 0 1 64
1 94 
0 
lb1 1 1 100000 -100000 0 3 1 1 0 64
1 0.318309992552 
0 
liamp 1 1 1000000000 0 0 4 1 0 0 64
4 0 0 0 0.577882409096 
0 
r2 1 1 1e+18 -1e+18 0 4 1 1 1 64
1 222 
0 
np 7 1 524288 32 2 2 1 11 1 64
1 1024 
0 
markerfrq2 1 1 9.99999984307e+17 -9.99999984307e+17 0 2 1 0 1 64
1 0 
0 
lpext1 7 1 1000000 0 1 3 1 0 1 64
1 100 
0 
lockgain_ 1 1 48 0 1 2 1 65552 1 64
1 34 
0 
load 2 2 4 0 0 2 1 3 1 64
1 "n"
2 "y" "n" 
llamp 1 1 1000000000 0 0 4 1 0 0 64
200 -4.59109323856e-05 -5.19088607689e-05 -4.7053432354e-05 -5.81574313401e-05 -5.19840832567e-05 -5.55371480004e-05 -4.04213315051e-05 -4.98456283822e-05 -5.58155443287e-05 -5.04925847054e-05 -4.31948683399e-05 -5.39735883649e-05 -5.19470995641e-05 -5.55918377358e-05 -4.98082154081e-05 -5.87051399634e-05 -4.52509520983e-05 -6.75681585562e-05 4.89473904963e-07 -5.19699970027e-05 -2.94218007184e-05 -3.88147345802e-05 -2.91328706226e-05 -6.29609421594e-05 -5.00809728692e-05 -6.77146163071e-05 -6.38160126982e-05 -7.09096857463e-05 -3.34689066221e-05 -6.18180274614e-05 -3.68875116692e-05 -4.17151532019e-05 -2.72881752608e-05 -3.60187077604e-05 2.59389489656e-05 -4.47384954896e-05 2.03496692848e-05 -1.918851558e-05 -5.74051318836e-06 -6.3626881456e-05 9.63949132711e-05 5.21112997376e-05 0.000190337683307 0.000276441918686 9.71672634478e-05 0.000668614346068 0.000352685165126 0.000403929530876 0.000406486156862 0.000400811026338 0.00051202083705 5.90048330196e-05 0.000125369871967 5.6045675592e-05 0.000195721484488 0.000586495501921 0.000226417760132 0.00118924141861 0.000177095877007 0.000210481593967 9.40851459745e-05 5.80478408665e-05 0.000169042716152 0.000324096297845 0.000175537803443 0.000141080963658 3.5752873373e-05 0.00100575061515 0.000578368606512 0.000165094563272 0.000141279699164 0.000137800598168 8.40379016154e-06 1.12530606202e-05 -3.27895440932e-06 3.0927509215e-05 -1.70599105331e-05 -8.41210021463e-06 -1.44544383147e-05 -2.41435354837e-05 -1.77835827344e-05 -2.28232893278e-05 -5.13579152539e-06 -2.46367108048e-05 -2.05777068913e-05 -3.80415003747e-05 -1.38831801451e-05 -2.98057329928e-05 -2.04013631446e-05 -2.93233988486e-05 -2.68420353677e-05 -3.13568452839e-05 -2.31144804275e-05 -4.10964639741e-05 -3.03998640447e-05 -3.85603998438e-05 -3.66430067515e-05 -4.40820549557e-05 -2.92319782602e-05 -5.42339148524e-05 -3.18336860801e-05 -4.89078920509e-05 -3.16614787153e-05 -4.64371987619e-05 -3.45756561728e-05 -4.65295161121e-05 -4.06016370107e-05 -4.03111916967e-05 -4.8075151426e-05 -4.44860561402e-05 -5.76606944378e-05 -4.60191586171e-05 -7.60144830565e-05 -7.12518813089e-05 -5.99354461883e-05 -7.51645711716e-05 -3.52802089765e-05 -7.59675676818e-05 -0.000122908910271 -8.37808620417e-05 -0.000199748479645 -0.000225498559303 -0.000299852254102 -0.00137971213553 0.00225383625366 0.000222106522415 0.000117715862871 7.32263506507e-05 6.25418979325e-05 6.92917164997e-05 4.037241888e-05 5.92764699832e-05 2.83369299723e-05 5.82145476073e-05 4.53001048299e-05 5.0560112868e-05 4.75559500046e-05 5.91506395722e-05 2.9575339795e-05 3.60823432857e-05 4.28182902397e-05 9.47616263147e-06 2.82924866042e-05 1.44651085066e-05 1.84351465577e-05 2.99323119179e-06 2.02673272724e-05 1.38856275953e-05 2.39230357693e-05 1.01590594568e-05 7.77770492277e-06 1.63948388945e-05 3.4671497815e-06 9.79331070994e-06 -2.66348092737e-06 8.34015736473e-06 1.37623737828e-06 7.18825594959e-06 -1.72181694325e-06 2.76931655208e-06 -9.34515810513e-06 1.97041913452e-06 -1.55771431309e-06 2.83783629129e-06 7.09729692971e-06 -3.37294500241e-06 8.42990687033e-07 -1.31613546728e-06 2.85011287815e-06 1.95264601643e-06 -2.35224979406e-06 5.34264290764e-06 5.38853953458e-07 3.03897081722e-06 -1.1234566955e-05 4.07221705245e-07 2.5734088922e-05 1.53106557264e-05 5.71191558265e-05 -1.89281618077e-05 -1.01514087874e-05 -1.1526902199e-05 1.56137411977e-06 -9.10408743948e-06 -1.6485046217e-06 -1.38697050716e-05 -1.64660582413e-06 -1.30044963953e-05 -9.72137331701e-06 -1.18258340081e-05 -1.10163100544e-05 -2.02856863325e-05 -1.28133751787e-06 -1.83538886631e-05 -3.99468035539e-06 -1.01575587905e-05 -9.91281649476e-06 -1.19286560221e-05 -8.64937078404e-07 -1.60061954375e-05 
0 
llfrq 1 1 1000000000 -1000000000 0 4 1 0 0 64
200 6387.48778104 6368.71945259 6356.20723363 6324.92668622 6312.41446725 6299.90224829 6287.39002933 6268.62170088 6243.59726295 6231.08504399 6206.06060606 6168.52394917 6156.01173021 6143.49951124 6130.98729228 6112.21896383 6074.68230694 6049.65786901 6005.86510264 5974.58455523 5955.81622678 5943.30400782 5924.53567937 5899.51124145 5880.742913 5849.46236559 5836.95014663 5824.43792766 5805.66959922 5786.90127077 5768.13294233 5755.62072336 5736.85239492 5724.34017595 5705.57184751 5668.03519062 5643.01075269 5624.24242424 5611.73020528 5592.96187683 5542.91300098 5524.14467253 5480.35190616 5430.3030303 5380.25415445 5348.97360704 5311.43695015 5286.41251222 5261.38807429 5230.10752688 5192.57086999 5142.52199413 5123.75366569 5104.98533724 5061.19257087 4992.37536657 4911.0459433 4854.74095797 4792.17986315 4742.13098729 4710.85043988 4692.08211144 4673.31378299 4617.00879765 4560.70381232 4498.1427175 4473.11827957 4429.3255132 4391.7888563 4366.76441838 4347.99608993 4316.71554252 4279.17888563 4266.66666667 4254.1544477 4235.38611926 4185.3372434 4160.31280547 4135.28836755 4110.26392962 4097.75171065 4085.23949169 4072.72727273 4053.95894428 4041.44672532 4028.93450635 4010.16617791 3997.65395894 3978.8856305 3953.86119257 3941.34897361 3928.83675464 3916.32453568 3897.55620723 3885.04398827 3866.27565982 3853.76344086 3834.99511241 3809.97067449 3772.4340176 3753.66568915 3741.15347019 3728.64125122 3716.12903226 3703.61681329 3684.84848485 3672.33626588 3653.56793744 3634.79960899 3622.28739003 3591.00684262 3572.23851417 3497.16520039 3472.14076246 3459.6285435 3447.11632454 3428.34799609 3409.57966764 3365.78690127 3334.50635386 3284.45747801 3259.43304008 3234.40860215 3203.12805474 3178.10361681 3096.77419355 3021.70087977 2996.67644184 2984.16422287 2971.65200391 2959.13978495 2940.3714565 2927.85923754 2896.57869013 2859.04203324 2846.52981427 2834.01759531 2815.24926686 2783.96871945 2765.20039101 2746.43206256 2727.66373412 2696.38318671 2671.35874878 2652.59042033 2633.82209189 2615.05376344 2602.54154448 2590.02932551 2571.26099707 2546.23655914 2521.21212121 2508.69990225 2496.18768328 2477.41935484 2464.90713587 2452.39491691 2433.62658847 2402.34604106 2389.83382209 2377.32160313 2339.78494624 2327.27272727 2314.76050831 2289.73607038 2277.22385142 2264.71163245 2252.19941349 2233.43108504 2220.91886608 2202.15053763 2189.63831867 2170.86999022 2158.35777126 2127.07722385 2114.56500489 2083.28445748 2070.77223851 2045.74780059 1995.69892473 1983.18670577 1970.6744868 1945.65004888 1926.88172043 1908.11339198 1883.08895406 1864.32062561 1845.55229717 1826.78396872 1814.27174976 1801.75953079 1776.73509286 1745.45454545 1707.91788856 1689.14956012 1670.38123167 1657.86901271 1639.10068426 1614.07624633 1576.53958944 
0 
loc_ 7 1 12 12 12 2 1 8201 0 64
1 0 
0 
lockfreq_ 5 1 160 0 1e-07 2 1 9 1 64
1 92.0731 
0 
lp1 1 1 3600 -3600 0.1 4 1 3 1 64
1 -180 
0 
lockpower_ 1 1 68 0 1 2 1 65552 1 64
1 35 
0 
lockphase_ 1 1 360 0 1 2 1 65552 1 64
1 203 
0 
lp 1 1 3600 -3600 0.1 4 1 3 1 64
1 0 
0 
lpalg1 2 2 8 0 0 3 1 0 1 64
1 "lpfft"
0 
lsfid1 7 1 64000 -64000 1 3 1 0 0 64
1 0 
0 
lpopt1 2 2 8 0 0 3 1 0 1 64
1 "f"
0 
lpfilt1 7 1 32767 1 1 3 1 0 1 64
1 8 
0 
lpnupts1 7 1 1000000 1 1 3 1 0 1 64
1 80 
0 
lptrace1 7 1 32767 0 1 3 1 0 1 64
1 0 
0 
lpprint1 7 1 63 0 1 3 1 0 1 64
1 0 
0 
lsfid 7 1 64000 -64000 1 3 1 0 0 64
1 0 
0 
macro 2 2 6 0 0 4 1 3 1 64
1 ""
0 
lsfrq1 1 1 9.99999984307e+17 -9.99999984307e+17 0 3 1 0 0 64
1 0 
0 
lsfrq 1 1 9.99999984307e+17 -9.99999984307e+17 0 3 1 0 0 64
1 0 
0 
lvl 1 1 1000000000 -1000000000 0 4 1 1 1 64
1 -0.430091848886 
0 
marker2 2 2 8 0 0 2 1 0 1 64
1 ""
0 
marker1 2 2 8 0 0 2 1 0 1 64
1 ""
0 
markerfrq1 1 1 9.99999984307e+17 -9.99999984307e+17 0 2 1 0 1 64
1 0 
0 
n1 2 2 6 0 0 4 1 3 1 64
1 "/home/hw34/vnmrsys/data/20131217_holoCupA_CH3cpmg_total10_25c_ph6"
0 
mixmlev 3 1 14 14 14 2 1 8192 1 64
1 0.02 
0 
mcyc 7 1 32767 0 0 2 1 0 1 64
1 1 
0 
math 2 2 1 0 0 3 1 3 1 64
1 "f"
3 "d" "f" "i" 
method 2 2 6 0 0 2 1 3 1 64
1 "/vnmr/shimmethods/z1z2"
0 
mixshift 3 1 14 14 14 2 1 8192 1 64
1 0 
0 
mixnoe 3 1 14 14 14 2 1 8192 1 64
1 0.14 
0 
mlevpwr 7 1 32767 0 0 2 1 0 1 64
1 50 
0 
ncyc_cp 1 1 40 0 0 2 1 0 1 64
10 0 2 5 10 15 20 25 30 35 40 
0 
n3 2 2 6 0 0 4 1 3 1 64
1 "H1 2"
0 
n2 2 2 6 0 0 4 1 3 1 64
1 ""
0 
name 2 2 8 0 0 3 1 0 1 64
1 ""
0 
notebook 2 2 8 0 0 2 1 0 1 64
1 ""
0 
ni 7 1 32767 0 0 2 1 0 1 64
1 200 
0 
notebook_ 2 2 8 0 0 2 1 0 1 64
1 ""
0 
position2 2 2 8 0 0 3 1 0 1 64
1 ""
0 
phase 7 1 4 0 1 2 1 0 1 64
2 1 2 
0 
p1 6 1 13 13 13 2 1 8194 1 64
1 0 
0 
osfb 1 1 100000 0 0 2 1 1 0 64
1 0 
0 
operator_ 2 2 128 0 0 2 1 4 1 64
1 "hw34"
0 
nt 7 1 1000000000 1 1 2 1 2 1 64
1 8 
0 
oscoef 7 1 49999 3 2 2 1 1 0 64
1 31 
0 
oslsfrq 1 1 9.99999984307e+17 -9.99999984307e+17 0 2 1 1 0 64
1 0 
0 
osfilt 2 2 8 0 0 2 1 0 1 64
1 "a"
5 "a" "A" "b" "B" "" 
oversamp 7 1 68 0 1 2 1 9 1 64
1 1 
0 
paramChanged 1 1 9.99999984307e+17 -9.99999984307e+17 0 2 1 0 1 64
1 0 
0 
page 2 2 8 0 0 2 1 0 1 64
1 ""
0 
pad 3 1 14 14 14 2 1 8194 1 64
1 0.5 
0 
page_ 2 2 8 0 0 2 1 0 1 64
1 ""
0 
parversion 1 1 9.99999984307e+17 -9.99999984307e+17 0 2 1 4 1 64
1 5.1 
0 
parstyle_ 2 2 8 0 0 4 1 0 1 64
1 "ppa"
0 
plt2Darg 2 2 8 0 0 4 1 272 1 64
5 "pos"
"7"
"1.5"
"proj"
"proj"
0 
phfid1 1 1 3600 -3600 0.1 3 1 0 0 64
1 0 
0 
phfid 1 1 3600 -3600 0.1 3 1 0 0 64
1 0 
0 
pkpick_ 2 2 8 0 0 4 1 0 1 64
1 ""
0 
pmode 2 2 8 0 0 3 1 0 1 64
1 "partial"
0 
pltmod 2 2 8 0 0 4 1 0 1 64
1 "off"
5 "off" "fixed" "full" "variable" "user" 
position1 2 2 8 0 0 3 1 0 1 64
1 ""
0 
pw 6 1 13 13 13 2 1 8194 1 64
1 9.1 
0 
procdim 7 1 1000000000 -1000000000 0 3 1 0 1 64
1 1 
0 
priority 7 1 32768 0 1 2 1 0 1 64
1 5 
0 
presat 3 1 14 14 14 2 1 8192 1 64
1 1.5 
0 
preacq 6 1 13 13 13 2 1 8192 0 64
1 0 
0 
prescan 2 2 8 0 0 3 1 0 1 64
11 "Not done"
"Complete"
"off"
"off"
"off"
"off"
"off"
"on"
"on"
""
""
0 
proc 2 2 10 0 0 3 1 1 1 64
1 "ft"
0 
probe_ 2 2 8 0 0 2 1 8 1 64
1 "HCNcold"
0 
proc1 2 2 10 0 0 3 2 1 1 64
1 "ft"
0 
protocols 2 2 8 0 0 3 1 0 1 64
1 ""
0 
processid 1 1 9.99999984307e+17 -9.99999984307e+17 0 2 1 0 1 64
1 0 
0 
pslabel 2 2 8 0 0 2 1 11 1 64
1 "hmqc_CH3_exchange_bigprotein_800_lek_v2"
0 
pwco_sh 2 2 8 0 0 2 1 0 1 64
1 "herm180_17p6_750"
0 
pwca 6 1 13 13 13 2 1 8192 1 64
1 50 
0 
pw_sl 6 1 13 13 13 2 1 8192 1 64
1 7000 
0 
pw90 6 1 13 13 13 2 1 8194 1 64
1 8.2 
0 
pwc_cp 6 1 13 13 13 2 1 8192 1 64
1 17.8 
0 
pwco180 6 1 13 13 13 2 1 8192 1 64
1 254 
0 
pwx1 6 1 13 13 13 2 1 8192 1 64
1 36 
0 
pwn15 6 1 200 0 0.025 2 1 1024 1 64
1 36.5 
0 
pwcod 6 1 13 13 13 2 1 8192 1 64
1 234 
0 
pxcodec 6 1 13 13 13 2 1 8192 1 64
1 0 
0 
pwx2 6 1 13 13 13 2 1 8192 1 64
1 0 
0 
r1 1 1 1e+18 -1e+18 0 4 1 1 1 64
1 2837 
0 
tsatpwr 1 1 17 17 17 2 1 8192 1 64
1 -6 
0 
study 2 2 8 0 0 3 1 0 1 64
1 ""
0 
satpwr 1 1 9.99999984307e+17 -9.99999984307e+17 0 2 1 0 1 64
1 12 
0 
rfband 4 2 4 0 0 2 1 0 1 64
1 "cccc"
3 "c" "h" "l" 
ref1 5 1 1000000000 -1000000000 0 3 5 0 1 64
1 0 
0 
r5 1 1 1e+18 -1e+18 0 4 1 1 1 64
1 0.032 
0 
r4 1 1 1e+18 -1e+18 0 4 1 1 1 64
1 0.0182848 
0 
r3 1 1 1e+18 -1e+18 0 4 1 1 1 64
1 99.3962666667 
0 
r7 1 1 1e+18 -1e+18 0 4 1 1 1 64
1 0 
0 
r6 1 1 1e+18 -1e+18 0 4 1 1 1 64
1 0 
0 
ref 5 1 1000000000 -1000000000 0 3 1 0 1 64
1 0 
0 
refpos1 1 1 9.99999984307e+17 -9.99999984307e+17 0 4 1 0 0 64
1 0 
0 
reffrq1 1 1 9.99999984307e+17 -9.99999984307e+17 0 4 1 0 1 64
1 150.818970713 
0 
reffrq 1 1 9.99999984307e+17 -9.99999984307e+17 0 4 1 0 1 64
1 599.798181021 
0 
refpos 1 1 9.99999984307e+17 -9.99999984307e+17 0 4 1 0 1 64
1 0 
0 
refsource1 2 2 8 0 0 4 1 0 1 64
1 "sfrq"
0 
rp 1 1 3600 -3600 0.1 4 1 3 1 64
1 -38.3743976071 
0 
rfp 1 1 1000000000 -1000000000 0 4 1 1 1 64
1 0 
0 
rfl 1 1 1000000000 -1000000000 0 4 1 1 1 64
1 1441.79394019 
0 
rfl1 1 1 1000000000 -1000000000 0 4 1 1 1 64
1 -309.937415398 
0 
rof1 6 1 13 13 13 2 1 8194 1 64
1 10 
0 
rfp1 1 1 1000000000 -1000000000 0 4 1 1 1 64
1 0 
0 
rof2 6 1 13 13 13 2 1 8194 1 64
1 28 
0 
samplename 2 2 8 0 0 2 1 0 1 64
1 ""
0 
sample 2 2 8 0 0 2 1 0 1 64
1 "lysh2o"
0 
rp1 1 1 3600 -3600 0.1 4 1 3 1 64
1 91.904712245 
0 
satflg 2 2 8 0 0 2 1 0 1 64
1 "y"
0 
samplename_global_ 2 2 8 0 0 2 1 0 1 64
1 ""
0 
satfrq 5 1 1000000000 -1000000000 0 2 1 0 1 64
1 -9970 
0 
shape_sl 2 2 8 0 0 2 1 0 1 64
1 "eburp1"
0 
sc2 1 1 3 3 3 4 1 8195 1 64
1 0 
0 
sb1 1 1 1000 -1000 0.001 3 1 1 1 64
1 -0.148 
0 
sb 1 1 1000 -1000 0.001 3 1 0 0 64
1 0.0167341995984 
0 
saveglobal_ 2 2 8 0 0 3 1 0 1 64
22 "probe"
"lcpeak"
"loc"
"lockpower"
"lockgain"
"lockphase"
"lockfreq"
"z0"
"lkof"
"vloc"
"vrack"
"vzone"
"vproto"
"pkpick"
"parstyle"
"operator"
"studyid"
"investigator"
"notebook"
"page"
"study"
"samplename_global"
0 
sbs1 1 1 1000 -1000 0.001 3 1 1 1 64
1 -0.148 
0 
sbs 1 1 1000 -1000 0.001 3 1 1 0 64
1 -0.0195756480098 
0 
sc 1 1 1 1 1 4 1 8195 1 64
1 0 
0 
sf 1 1 8190 0 1e-07 4 1 3 1 64
1 0 
0 
scf 1 1 1 0 0 2 1 0 1 64
1 0.45 
0 
scans 2 2 8 0 0 3 1 0 1 64
1 ""
0 
seqfil 2 2 8 0 0 2 1 11 1 64
1 "hmqc_CH3_exchange_bigprotein_800_lek_v2"
0 
sfrq 1 1 1000000000 0 0 2 1 11 1 64
1 599.8009622 
0 
sf1 1 1 9.99999984307e+17 -9.99999984307e+17 0 4 1 0 1 64
1 0 
0 
shape 2 2 8 0 0 2 1 0 1 64
1 "herm180_trc"
0 
ss 7 1 32767 -32768 0 2 1 0 1 64
1 16 
0 
solvent 2 2 6 0 0 2 1 11 1 64
1 "d2o"
0 
small_protein_flg 2 2 8 0 0 2 1 0 1 64
1 "y"
0 
shims 2 2 8 0 0 2 1 0 1 64
1 ""
0 
sn 1 1 1e+18 -1e+18 0 3 1 1 1 64
1 0 
0 
sp1 1 1 1000000000 -1000000000 0 4 1 3 1 64
1 315.240137179 
0 
sp 1 1 1000000000 -1000000000 0 4 1 3 1 64
1 -1439.73194167 
0 
spin 1 1 20 0 1 2 1 0 0 64
1 0 
0 
ssorder 7 1 20 1 1 3 1 0 0 64
1 7 
0 
sslsfrq 1 1 9.99999984307e+17 -9.99999984307e+17 0 3 1 0 0 64
1 0 
0 
ssfilter 1 1 50000 10 0.1 3 1 0 0 64
1 50 
0 
ssntaps 7 1 2500 0 1 3 1 0 1 64
1 121 
0 
strtext1 7 1 1000000 1 1 3 1 0 1 64
1 101 
0 
sspul 2 2 8 0 0 2 1 0 1 64
1 "n"
0 
strtlp1 7 1 1000000 1 1 3 1 0 1 64
1 100 
0 
time_submitted 2 2 8 0 0 2 1 0 1 64
1 "20131217T180734"
0 
th2d 1 1 1 1e-18 0 4 1 17 1 64
1 0.8 
0 
sw1 1 1 5000000 1 -2.5e-08 2 1 0 1 64
1 2714.99355189 
0 
studyid_ 2 2 8 0 0 2 1 0 1 64
1 ""
0 
study_ 2 2 8 0 0 2 1 0 1 64
1 ""
0 
sw 1 1 5 5 5 2 1 8203 1 64
1 8445.94594595 
0 
temp 1 1 200 -150 0.1 2 1 8 1 64
1 25 
0 
taua 3 1 14 14 14 2 1 8192 1 64
1 0.0018 
0 
th 1 1 1000000000 0 0 4 1 1 1 64
1 4 
0 
time_plotted 2 2 8 0 0 3 1 0 1 64
1 ""
0 
time_complete 2 2 8 0 0 2 1 0 1 64
1 "20131218T085058"
0 
time_T2 3 1 14 14 14 2 1 8192 1 64
1 0.04 
0 
time_exp 2 2 8 0 0 2 1 0 1 64
1 ""
0 
time_run 2 2 8 0 0 2 1 0 1 64
1 "20131217T180735"
0 
time_processed 2 2 8 0 0 3 1 0 1 64
1 "20131217T181336"
0 
time_saved 2 2 8 0 0 2 1 0 1 64
1 ""
0 
tof_me 5 1 1000000000 -1000000000 0 2 1 0 1 64
1 -217.8 
0 
tlt 1 1 1000000000 -1000000000 0 4 1 1 1 64
1 -0.0403971625929 
0 
time_svfdate 2 2 8 0 0 2 1 0 1 64
1 "20131217T180734"
0 
time_submitted_local 2 2 8 0 0 2 1 0 1 64
1 "20131217T180734X06PMTueDec"
0 
tin 2 2 1 0 0 2 1 2 1 64
1 "y"
3 "n" "w" "y" 
tnsat 4 2 4 0 0 2 1 0 1 64
1 "y"
0 
tn 2 2 4 0 0 2 1 8 1 64
1 "H1"
0 
tof 5 1 7 7 7 2 1 8202 1 64
1 -217.8 
0 
trace 2 2 2 0 0 4 1 3 1 64
1 "f2"
2 "f1" "f2" 
tpwrf 7 1 4095 0 1 2 1 2 0 64
1 4095 
0 
tpwr 7 1 17 17 17 2 1 8194 1 64
1 60 
0 
tpwrsl 1 1 17 17 17 2 1 8192 1 64
1 26 
0 
trim 3 1 14 14 14 2 1 8192 1 64
1 0.0005 
0 
yz2 7 1 19 19 19 2 1 8192 1 64
1 2089 
0 
wtfile 2 2 15 0 0 3 1 1 1 64
1 ""
0 
vtwait 3 1 14 14 14 2 1 8194 1 64
1 180 
0 
vpf 1 1 500 -500 0 4 1 0 1 64
1 16.1448614824 
0 
vf 1 1 1000000000 0 0 4 1 3 1 64
1 103279116524 
0 
tunemethod 2 2 8 0 0 2 1 0 1 64
1 "lohi"
0 
username 2 2 8 0 0 2 1 0 1 64
1 "hw34"
0 
vo 1 1 500 -500 0 4 1 1 1 64
1 0 
0 
vloc_ 2 2 8 0 0 2 1 8 1 64
1 "A0"
0 
vp 7 1 500 -500 0.1 4 1 3 1 64
1 21.3982295016 
0 
vs 1 1 1000000000 1e-06 0 4 1 3 1 64
1 2470.68443996 
0 
vproto_ 2 2 8 0 0 2 1 0 1 64
1 ""
0 
vpfi 1 1 500 -500 0 4 1 0 1 64
1 0 
0 
vrack_ 7 1 5 1 0 2 1 0 1 64
1 1 
0 
vsproj 1 1 1000000000 1e-06 0 4 1 3 1 64
1 139284.250221 
0 
vs2d 1 1 1000000000 1e-06 0 4 1 3 1 64
1 78.8591613166 
0 
vtc 1 1 255 0 1 2 1 2 1 64
1 0 
0 
werr 2 2 6 0 0 3 1 3 1 64
1 ""
0 
wbs 2 2 6 0 0 3 1 3 1 64
1 ""
0 
water_flg 2 2 8 0 0 2 1 0 1 64
1 "y"
0 
vzone_ 7 1 15 1 0 2 1 0 1 64
1 1 
0 
wc2 1 1 4 4 4 4 1 8195 1 64
1 161 
0 
wc 1 1 2 2 2 4 1 8203 1 64
1 250 
0 
wdone 2 2 8 0 0 3 1 0 1 64
1 ""
0 
wnt 2 2 6 0 0 3 1 3 1 64
1 ""
0 
wf 1 1 8190 0 1e-07 4 1 3 1 64
1 0.0606208 
0 
wexp 2 2 6 0 0 3 1 3 1 64
1 "BPsvf(n1)"
0 
wf1 1 1 9.99999984307e+17 -9.99999984307e+17 0 4 1 0 1 64
1 0.1885824 
0 
wp1 1 1 100000 0 0 4 1 3 1 64
1 2709.69083011 
0 
wp 1 1 5000000 0 0 4 1 11 1 64
1 8443.88394743 
0 
wshim 4 2 4 0 0 2 1 1 1 64
1 "n"
15 "e" "f" "g" "n" "s" "0" "1" "2" "3" "4" "5" "6" "7" "8" "9" 
xy 7 1 19 19 19 2 1 8192 1 64
1 -2279 
0 
x2y2 7 1 19 19 19 2 1 8192 1 64
1 -504 
0 
wtune 4 2 4 0 0 2 1 0 1 64
1 "st1"
11 "s" "t" "e" "i" "n" "o" "v" "1" "2" "3" "4" 
wtfile1 2 2 15 0 0 3 2 1 1 64
1 ""
0 
x1 7 1 19 19 19 2 1 8192 1 64
1 -1142 
0 
x4 7 1 19 19 19 2 1 8192 1 64
1 0 
0 
x3 7 1 19 19 19 2 1 8192 1 64
1 -788 
0 
xdiag 1 1 1e+18 0 0 4 1 17 1 64
1 0 
0 
y3 7 1 19 19 19 2 1 8192 1 64
1 2900 
0 
xz2 7 1 19 19 19 2 1 8192 1 64
1 -2238 
0 
xz 7 1 19 19 19 2 1 8192 1 64
1 2545 
0 
y1 7 1 19 19 19 2 1 8192 1 64
1 -1797 
0 
yz 7 1 19 19 19 2 1 8192 1 64
1 -2447 
0 
y4 7 1 19 19 19 2 1 8192 1 64
1 0 
0 
z3y 7 1 19 19 19 2 1 8192 1 64
1 -1829 
0 
z2xy 7 1 19 19 19 2 1 8192 1 64
1 -3425 
0 
z2 7 1 19 19 19 2 1 8192 1 64
1 -4126 
0 
z1 7 1 19 19 19 2 1 8192 1 64
1 -9881 
0 
z0_ 1 1 19 19 19 2 1 73744 1 64
1 -11016 
0 
z1c 7 1 19 19 19 2 1 8192 1 64
1 -1044 
0 
z2x2y2 7 1 19 19 19 2 1 8192 1 64
1 336 
0 
z2c 7 1 19 19 19 2 1 8192 1 64
1 196 
0 
z2x3 7 1 19 19 19 2 1 8192 1 64
1 0 
0 
z3x 7 1 19 19 19 2 1 8192 1 64
1 4246 
0 
z3 7 1 19 19 19 2 1 8192 1 64
1 8287 
0 
z2y3 7 1 19 19 19 2 1 8192 1 64
1 0 
0 
z3c 7 1 19 19 19 2 1 8192 1 64
1 0 
0 
z3x3 7 1 19 19 19 2 1 8192 1 64
1 0 
0 
z3x2y2 7 1 19 19 19 2 1 8192 1 64
1 0 
0 
z3xy 7 1 19 19 19 2 1 8192 1 64
1 0 
0 
z5 7 1 19 19 19 2 1 8192 1 64
1 -10020 
0 
z4x 7 1 19 19 19 2 1 8192 1 64
1 5072 
0 
z4 7 1 19 19 19 2 1 8192 1 64
1 -20570 
0 
z3y3 7 1 19 19 19 2 1 8192 1 64
1 0 
0 
z4c 7 1 19 19 19 2 1 8192 1 64
1 0 
0 
z4xy 7 1 19 19 19 2 1 8192 1 64
1 0 
0 
z4x2y2 7 1 19 19 19 2 1 8192 1 64
1 0 
0 
z4y 7 1 19 19 19 2 1 8192 1 64
1 -10488 
0 
z7 7 1 19 19 19 2 1 8192 1 64
1 0 
0 
z5y 7 1 19 19 19 2 1 8192 1 64
1 0 
0 
z5x 7 1 19 19 19 2 1 8192 1 64
1 0 
0 
z6 7 1 19 19 19 2 1 8192 1 64
1 -2894 
0 
zx2y2 7 1 19 19 19 2 1 8192 1 64
1 451 
0 
z8 7 1 19 19 19 2 1 8192 1 64
1 0 
0 
zxy 7 1 19 19 19 2 1 8192 1 64
1 9713 
0 
zx3 7 1 19 19 19 2 1 8192 1 64
1 3359 
0 
zy3 7 1 19 19 19 2 1 8192 1 64
1 4492 
0 
